GEM
  remote: https://rubygems.org/
  specs:
    addressable (2.3.6)
    curb (0.8.4)
    faraday (0.9.0)
      multipart-post (>= 1.2, < 3)
    json (1.7.7)
    mime-types (1.17.2)
    multipart-post (2.0.0)
    mustache (0.99.4)
    octokit (3.1.0)
      sawyer (~> 0.5.3)
    rest-client (1.6.7)
      mime-types (>= 1.16)
    sawyer (0.5.4)
      addressable (~> 2.3.5)
      faraday (~> 0.8, < 0.10)

PLATFORMS
  ruby

DEPENDENCIES
  curb
  json
  mustache
  octokit
  rest-client
